GEM
  remote: http://rubygems.org/
  specs:
    chunky_png (1.2.6)
    colored (1.2)
    compass (0.12.2)
      chunky_png (~> 1.2)
      fssm (>= 0.2.7)
      sass (~> 3.1)
    cri (2.3.0)
      colored (>= 1.2)
    foreman (0.60.2)
      thor (>= 0.13.6)
    fssm (0.2.9)
    nanoc (3.4.3)
      cri (~> 2.2)
    rack (1.4.1)
    redcarpet (2.2.2)
    rouge (0.2.9)
      thor
    sass (3.2.5)
    thor (0.16.0)

PLATFORMS
  ruby
  x86-mingw32

DEPENDENCIES
  compass
  foreman
  nanoc
  rack
  redcarpet
  rouge
